{
    "AcquisitionMatrix": [
        106,
        0,
        0,
        106
    ],
    "AcquisitionMatrixPE": 106,
    "AcquisitionNumber": 1,
    "AcquisitionTime": "14:18:55.387500",
    "BandwidthPerPixelPhaseEncode": 13.873,
    "BaseResolution": 106,
    "BodyPartExamined": "BRAIN",
    "Columns": 848,
    "ConsistencyInfo": "N4_VE11C_LATEST_20160120",
    "ConversionSoftware": "dcm2niix",
    "ConversionSoftwareVersion": "v1.0.20201102",
    "DerivedVendorReportedEchoSpacing": 0.000680023,
    "DeviceSerialNumber": "166210",
    "EchoTime": 0.03,
    "EchoTrainLength": 80,
    "EffectiveEchoSpacing": 0.000680023,
    "FlipAngle": 64,
    "ImageComments": "Unaliased MB4/PE3/LB",
    "ImageOrientationPatientDICOM": [
        0.996877,
        0.069766,
        0.0370011,
        -0.0574796,
        0.962305,
        -0.265831
    ],
    "ImageType": [
        "ORIGINAL",
        "PRIMARY",
        "M",
        "MB",
        "ND",
        "NORM",
        "MOSAIC"
    ],
    "ImagingFrequency": 123.262,
    "InPlanePhaseEncodingDirection": "COL",
    "InPlanePhaseEncodingDirectionDICOM": "COL",
    "InstitutionAddress": "West Stevens Way NE 3751,Seattle, WA,District,US,98195",
    "InstitutionName": "UW Center for Human Neuroscience",
    "IntendedFor": [
        "ses-01/func/sub-05_ses-01_task-fixedbar_run-01_bold.nii.gz",
        "ses-01/func/sub-05_ses-01_task-fixedbar_run-02_bold.nii.gz",
        "ses-01/func/sub-05_ses-01_task-fixedbar_run-03_bold.nii.gz",
        "ses-01/func/sub-05_ses-01_task-logbar_run-01_bold.nii.gz",
        "ses-01/func/sub-05_ses-01_task-logbar_run-02_bold.nii.gz",
        "ses-01/func/sub-05_ses-01_task-logbar_run-03_bold.nii.gz"
    ],
    "MRAcquisitionType": "2D",
    "MagneticFieldStrength": 3,
    "Manufacturer": "Siemens",
    "ManufacturersModelName": "Prisma",
    "Modality": "MR",
    "MultibandAccelerationFactor": 4,
    "PartialFourier": 0.75,
    "PatientPosition": "HFS",
    "PercentPhaseFOV": 100,
    "PercentPhaseFieldOfView": 100,
    "PercentSampling": 100,
    "PhaseEncodingDirection": "j-",
    "PhaseEncodingSteps": 80,
    "PhaseResolution": 1,
    "PixelBandwidth": 1815,
    "PixelSpacing": [
        2,
        2
    ],
    "ProcedureStepDescription": "Chang^RetDist^ses-01",
    "ProtocolName": "fmap-epi_acq-opphase_dir-AP",
    "PulseSequenceDetails": "%CustomerSeq%\\cmrr_mbep2d_bold",
    "ReceiveCoilActiveElements": "HC1-7",
    "ReceiveCoilName": "HeadNeck_64",
    "ReconMatrixPE": 106,
    "RepetitionTime": 1.2,
    "Rows": 848,
    "SAR": 0.040141,
    "ScanOptions": "PFP\\FS",
    "ScanningSequence": "EP",
    "SequenceName": "epfid2d1_106",
    "SequenceVariant": "SK\\SS",
    "SeriesDescription": "fmap-epi_acq-opphase_dir-AP",
    "SeriesNumber": 5,
    "ShimSetting": [
        7923,
        -1951,
        -2157,
        592,
        -71,
        -329,
        -44,
        -15
    ],
    "SliceThickness": 2,
    "SliceTiming": [
        0,
        0.2525,
        0.5075,
        0.76,
        1.0125,
        0.085,
        0.3375,
        0.59,
        0.8425,
        1.095,
        0.17,
        0.4225,
        0.675,
        0.9275,
        0,
        0.2525,
        0.5075,
        0.76,
        1.0125,
        0.085,
        0.3375,
        0.59,
        0.8425,
        1.095,
        0.17,
        0.4225,
        0.675,
        0.9275,
        0,
        0.2525,
        0.5075,
        0.76,
        1.0125,
        0.085,
        0.3375,
        0.59,
        0.8425,
        1.095,
        0.17,
        0.4225,
        0.675,
        0.9275,
        0,
        0.2525,
        0.5075,
        0.76,
        1.0125,
        0.085,
        0.3375,
        0.59,
        0.8425,
        1.095,
        0.17,
        0.4225,
        0.675,
        0.9275
    ],
    "SoftwareVersions": "syngo MR E11",
    "SpacingBetweenSlices": 2.0000000029201,
    "StationName": "CHN-Prisma",
    "TotalReadoutTime": 0.0714024,
    "TxRefAmp": 262.275,
    "WipMemBlock": "e668552e-9bac-4c9f-a573-1241ada75108||Sequence: R016 ve11c/master r/e634e98; Dec 19 2017 11:00:25 by eja"
}