{
  "AcquisitionMatrix": [
    106,
    0,
    0,
    106
  ],
  "AcquisitionMatrixPE": 106,
  "AcquisitionNumber": 1,
  "AcquisitionTime": "12:05:53.545000",
  "BandwidthPerPixelPhaseEncode": 13.873,
  "BaseResolution": 106,
  "BodyPartExamined": "BRAIN",
  "Columns": 848,
  "ConsistencyInfo": "N4_VE11C_LATEST_20160120",
  "ConversionSoftware": "dcm2niix",
  "ConversionSoftwareVersion": "v1.0.20201102",
  "DelayTime": 0,
  "DerivedVendorReportedEchoSpacing": 0.000680023,
  "DeviceSerialNumber": "166210",
  "EchoTime": 0.03,
  "EchoTrainLength": 80,
  "EffectiveEchoSpacing": 0.000680023,
  "FlipAngle": 64,
  "ImageComments": "Unaliased MB4/PE3/LB",
  "ImageOrientationPatientDICOM": [
    0.999585,
    0.0150079,
    0.0245831,
    -0.0113404,
    0.989649,
    -0.143059
  ],
  "ImageType": [
    "ORIGINAL",
    "PRIMARY",
    "M",
    "MB",
    "ND",
    "NORM",
    "MOSAIC"
  ],
  "ImagingFrequency": 123.262,
  "InPlanePhaseEncodingDirection": "COL",
  "InPlanePhaseEncodingDirectionDICOM": "COL",
  "InstitutionAddress": "West Stevens Way NE 3751,Seattle, WA,District,US,98195",
  "InstitutionName": "UW Center for Human Neuroscience",
  "InstitutionalDepartmentName": "Psychology",
  "Instructions": "Attend to the fixation cross in the middle of the screen and press the response button when the fixation cross changes color. Please keep your head still for the duration fo the scan.",
  "MRAcquisitionType": "2D",
  "MagneticFieldStrength": 3,
  "Manufacturer": "Siemens",
  "ManufacturersModelName": "Prisma",
  "Modality": "MR",
  "MultibandAccelerationFactor": 4,
  "NumberOfVolumesDiscardedByUser": 0,
  "PartialFourier": 0.75,
  "PatientPosition": "HFS",
  "PercentPhaseFOV": 100,
  "PercentPhaseFieldOfView": 100,
  "PercentSampling": 100,
  "PhaseEncodingDirection": "j-",
  "PhaseEncodingSteps": 80,
  "PhaseResolution": 1,
  "PixelBandwidth": 1815,
  "PixelSpacing": [
    2,
    2
  ],
  "ProcedureStepDescription": "Chang^RetDist^ses-01",
  "ProtocolName": "func-bold_task-fixedbar_run-01",
  "PulseSequenceDetails": "%CustomerSeq%\\cmrr_mbep2d_bold",
  "PulseSequenceType": "EP",
  "ReceiveCoilActiveElements": "HC1-7",
  "ReceiveCoilName": "HeadNeck_64",
  "ReconMatrixPE": 106,
  "RepetitionTime": 1.2,
  "Rows": 848,
  "SAR": 0.0404807,
  "ScanOptions": "PFP\\FS",
  "ScanningSequence": "EP",
  "SequenceName": "epfid2d1_106",
  "SequenceVariant": "SK\\SS",
  "SeriesDescription": "func-bold_task-fixedbar_run-01",
  "SeriesNumber": 7,
  "ShimSetting": [
    7924,
    -1922,
    -2212,
    394,
    -15,
    42,
    -192,
    22
  ],
  "SliceThickness": 2,
  "SliceTiming": [
    0,
    0.2525,
    0.505,
    0.7575,
    1.01,
    0.085,
    0.3375,
    0.59,
    0.8425,
    1.095,
    0.1675,
    0.4225,
    0.675,
    0.9275,
    0,
    0.2525,
    0.505,
    0.7575,
    1.01,
    0.085,
    0.3375,
    0.59,
    0.8425,
    1.095,
    0.1675,
    0.4225,
    0.675,
    0.9275,
    0,
    0.2525,
    0.505,
    0.7575,
    1.01,
    0.085,
    0.3375,
    0.59,
    0.8425,
    1.095,
    0.1675,
    0.4225,
    0.675,
    0.9275,
    0,
    0.2525,
    0.505,
    0.7575,
    1.01,
    0.085,
    0.3375,
    0.59,
    0.8425,
    1.095,
    0.1675,
    0.4225,
    0.675,
    0.9275
  ],
  "SoftwareVersions": "syngo MR E11",
  "SpacingBetweenSlices": 1.9999999549643,
  "StationName": "CHN-Prisma",
  "TaskDescription": "Participant is asked to attend to the fixation cross in the middle of the screen and press the response button when the fixation cross changes color. They are also asked to keep their head still for the duration fo the scan.",
  "TaskName": "fixedbar",
  "TotalReadoutTime": 0.0714024,
  "TxRefAmp": 234.013,
  "WipMemBlock": "d663e1cc-a3aa-4f63-9b41-d8bf55fa8c07||Sequence: R016 ve11c/master r/e634e98; Dec 19 2017 11:00:25 by eja"
}