{
    "AcquisitionMatrix": [
        0,
        320,
        300,
        0
    ],
    "AcquisitionMatrixPE": 300,
    "AcquisitionNumber": 1,
    "AcquisitionTime": "12:57:21.140000",
    "BaseResolution": 320,
    "BodyPartExamined": "BRAIN",
    "Columns": 300,
    "ConsistencyInfo": "N4_VE11C_LATEST_20160120",
    "ConversionSoftware": "dcm2niix",
    "ConversionSoftwareVersion": "v1.0.20201102",
    "DeviceSerialNumber": "166210",
    "EchoTime": 0.564,
    "EchoTrainLength": 303,
    "FlipAngle": 120,
    "ImageOrientationPatientDICOM": [
        -0.00361169,
        0.911954,
        -0.410277,
        0.0285787,
        -0.410017,
        -0.91163
    ],
    "ImageType": [
        "ORIGINAL",
        "PRIMARY",
        "M",
        "ND",
        "NORM",
        "SH",
        "FIL"
    ],
    "ImagingFrequency": 123.262,
    "InPlanePhaseEncodingDirection": "ROW",
    "InPlanePhaseEncodingDirectionDICOM": "ROW",
    "InstitutionAddress": "West Stevens Way NE 3751,Seattle, WA,District,US,98195",
    "InstitutionName": "UW Center for Human Neuroscience",
    "MRAcquisitionType": "3D",
    "MagneticFieldStrength": 3,
    "Manufacturer": "Siemens",
    "ManufacturersModelName": "Prisma",
    "Modality": "MR",
    "ParallelReductionFactorInPlane": 2,
    "PartialFourier": 1,
    "PatientPosition": "HFS",
    "PercentPhaseFOV": 93.75,
    "PercentPhaseFieldOfView": 93.75,
    "PercentSampling": 100,
    "PhaseEncodingDirection": "i",
    "PhaseEncodingSteps": 273,
    "PhaseResolution": 1,
    "PixelBandwidth": 745,
    "PixelSpacing": [
        0.80000001192093,
        0.80000001192093
    ],
    "ProcedureStepDescription": "Chang^RetDist^ses-01",
    "ProtocolName": "anat-T2w_acq-SPCvNav",
    "PulseSequenceDetails": "%CustomerSeq%\\tse_vfl_mgh_epinav_ABCD",
    "ReceiveCoilActiveElements": "HC1-7;NC1,2",
    "ReceiveCoilName": "HeadNeck_64",
    "ReconMatrixPE": 300,
    "RefLinesPE": 32,
    "RepetitionTime": 3.2,
    "Rows": 320,
    "SAR": 0.10552,
    "ScanOptions": "PFP",
    "ScanningSequence": "SE",
    "SequenceName": "spc_314ns",
    "SequenceVariant": "SK\\SP",
    "SeriesDescription": "anat-T2w_acq-SPCvNav",
    "SeriesNumber": 19,
    "ShimSetting": [
        7924,
        -1961,
        -2257,
        276,
        -34,
        -421,
        -19,
        -9
    ],
    "SliceThickness": 0.8,
    "SoftwareVersions": "syngo MR E11",
    "StationName": "CHN-Prisma",
    "TxRefAmp": 234.013,
    "WipMemBlock": "Prisma_epi_moco_navigator_ABCD_tse_vfl.prot"
}