{
  "AcquisitionMatrixPE": 300,
  "AcquisitionNumber": 1,
  "AcquisitionTime": "12:20:1.535000",
  "BaseResolution": 320,
  "BodyPartExamined": "BRAIN",
  "ConsistencyInfo": "N4_VE11C_LATEST_20160120",
  "ConversionSoftware": "dcm2niix",
  "ConversionSoftwareVersion": "v1.0.20201102",
  "DeviceSerialNumber": "166210",
  "EchoTime": 0.00181,
  "FlipAngle": 8,
  "ImageOrientationPatientDICOM": [
    -0.0765912,
    0.924418,
    -0.37361,
    0.0434163,
    -0.371263,
    -0.927512
  ],
  "ImageType": [
    "ORIGINAL",
    "PRIMARY",
    "OTHER",
    "ND",
    "NORM",
    "MEAN"
  ],
  "ImagingFrequency": 123.262,
  "InPlanePhaseEncodingDirectionDICOM": "ROW",
  "InstitutionAddress": "West Stevens Way NE 3751,Seattle, WA,District,US,98195",
  "InstitutionName": "UW Center for Human Neuroscience",
  "InstitutionalDepartmentName": "Psychology",
  "InversionTime": 1,
  "MRAcquisitionType": "3D",
  "MagneticFieldStrength": 3,
  "Manufacturer": "Siemens",
  "ManufacturersModelName": "Prisma",
  "Modality": "MR",
  "NumberOfAverages": 4,
  "ParallelReductionFactorInPlane": 2,
  "PartialFourier": 1,
  "PatientPosition": "HFS",
  "PercentPhaseFOV": 93.75,
  "PercentSampling": 100,
  "PhaseEncodingSteps": 299,
  "PhaseResolution": 1,
  "PixelBandwidth": 745,
  "ProcedureStepDescription": "Chang^RetDist^ses-01",
  "ProtocolName": "anat-T1w_acq-MEMPRvNav",
  "PulseSequenceDetails": "%CustomerSeq%\\tfl_mgh_epinav_ABCD",
  "PulseSequenceType": "GR/IR",
  "ReceiveCoilActiveElements": "HC1-7;NC1,2",
  "ReceiveCoilName": "HeadNeck_64",
  "ReconMatrixPE": 300,
  "RefLinesPE": 32,
  "RepetitionTime": 2.5,
  "SAR": 0.0323383,
  "ScanOptions": "IR\\WE",
  "ScanningSequence": "GR\\IR",
  "SequenceName": "tfl3d4_16ns",
  "SequenceVariant": "SK\\SP\\MP",
  "SeriesDescription": "anat-T1w_acq-MEMPRvNav RMS",
  "SeriesNumber": 16,
  "ShimSetting": [
    7913,
    -1989,
    -2196,
    203,
    -89,
    -438,
    -60,
    78
  ],
  "SliceThickness": 0.8,
  "SoftwareVersions": "syngo MR E11",
  "StationName": "CHN-Prisma",
  "TxRefAmp": 250.646,
  "WipMemBlock": "Prisma_epi_moco_navigator_ABCD_tfl.prot"
}