{
  "AcquisitionMatrix": [
    106,
    0,
    0,
    106
  ],
  "AcquisitionMatrixPE": 106,
  "AcquisitionNumber": 1,
  "AcquisitionTime": "09:11:22.032500",
  "BandwidthPerPixelPhaseEncode": 13.873,
  "BaseResolution": 106,
  "BodyPartExamined": "BRAIN",
  "Columns": 848,
  "ConsistencyInfo": "N4_VE11C_LATEST_20160120",
  "ConversionSoftware": "dcm2niix",
  "ConversionSoftwareVersion": "v1.0.20201102",
  "DerivedVendorReportedEchoSpacing": 0.000680023,
  "DeviceSerialNumber": "166210",
  "EchoTime": 0.03,
  "EchoTrainLength": 80,
  "EffectiveEchoSpacing": 0.000680023,
  "FlipAngle": 64,
  "ImageComments": "Unaliased MB4/PE3/LB",
  "ImageOrientationPatientDICOM": [
    0.999095,
    0.0184466,
    0.0383265,
    -0.0195325,
    0.999413,
    0.0281544
  ],
  "ImageType": [
    "ORIGINAL",
    "PRIMARY",
    "M",
    "MB",
    "ND",
    "NORM",
    "MOSAIC"
  ],
  "ImagingFrequency": 123.262,
  "InPlanePhaseEncodingDirection": "COL",
  "InPlanePhaseEncodingDirectionDICOM": "COL",
  "InstitutionAddress": "West Stevens Way NE 3751,Seattle, WA,District,US,98195",
  "InstitutionName": "UW Center for Human Neuroscience",
  "InstitutionalDepartmentName": "Psychology",
  "IntendedFor": [
    "ses-02/func/sub-03_ses-02_task-fixedbar_run-01_bold.nii.gz",
    "ses-02/func/sub-03_ses-02_task-fixedbar_run-02_bold.nii.gz",
    "ses-02/func/sub-03_ses-02_task-fixedbar_run-03_bold.nii.gz",
    "ses-02/func/sub-03_ses-02_task-logbar_run-01_bold.nii.gz",
    "ses-02/func/sub-03_ses-02_task-logbar_run-02_bold.nii.gz",
    "ses-02/func/sub-03_ses-02_task-logbar_run-03_bold.nii.gz"
  ],
  "MRAcquisitionType": "2D",
  "MagneticFieldStrength": 3,
  "Manufacturer": "Siemens",
  "ManufacturersModelName": "Prisma",
  "Modality": "MR",
  "MultibandAccelerationFactor": 4,
  "PartialFourier": 0.75,
  "PatientPosition": "HFS",
  "PercentPhaseFOV": 100,
  "PercentPhaseFieldOfView": 100,
  "PercentSampling": 100,
  "PhaseEncodingDirection": "j",
  "PhaseEncodingSteps": 80,
  "PhaseResolution": 1,
  "PixelBandwidth": 1815,
  "PixelSpacing": [
    2,
    2
  ],
  "ProcedureStepDescription": "Chang^RetDist^ses-02",
  "ProtocolName": "fmap-epi_acq-opphase_dir-PA",
  "PulseSequenceDetails": "%CustomerSeq%\\cmrr_mbep2d_bold",
  "PulseSequenceType": "EP",
  "ReceiveCoilActiveElements": "HC1-7",
  "ReceiveCoilName": "HeadNeck_64",
  "ReconMatrixPE": 106,
  "RepetitionTime": 1.2,
  "Rows": 848,
  "SAR": 0.0310099,
  "ScanOptions": "PFP\\FS",
  "ScanningSequence": "EP",
  "SequenceName": "epfid2d1_106",
  "SequenceVariant": "SK\\SS",
  "SeriesDescription": "fmap-epi_acq-opphase_dir-PA",
  "SeriesNumber": 6,
  "ShimSetting": [
    7931,
    -1935,
    -2155,
    460,
    -18,
    105,
    -39,
    50
  ],
  "SliceThickness": 2,
  "SliceTiming": [
    0,
    0.2525,
    0.505,
    0.7575,
    1.01,
    0.085,
    0.3375,
    0.59,
    0.8425,
    1.095,
    0.1675,
    0.42,
    0.675,
    0.9275,
    0,
    0.2525,
    0.505,
    0.7575,
    1.01,
    0.085,
    0.3375,
    0.59,
    0.8425,
    1.095,
    0.1675,
    0.42,
    0.675,
    0.9275,
    0,
    0.2525,
    0.505,
    0.7575,
    1.01,
    0.085,
    0.3375,
    0.59,
    0.8425,
    1.095,
    0.1675,
    0.42,
    0.675,
    0.9275,
    0,
    0.2525,
    0.505,
    0.7575,
    1.01,
    0.085,
    0.3375,
    0.59,
    0.8425,
    1.095,
    0.1675,
    0.42,
    0.675,
    0.9275
  ],
  "SoftwareVersions": "syngo MR E11",
  "SpacingBetweenSlices": 1.9999999973999,
  "StationName": "CHN-Prisma",
  "TotalReadoutTime": 0.0714024,
  "TxRefAmp": 214.783,
  "WipMemBlock": "2d71d7b3-987a-4f3b-90c9-ef57f7f46bb0||Sequence: R016 ve11c/master r/e634e98; Dec 19 2017 11:00:25 by eja"
}