{
    "AcquisitionMatrix": [
        106,
        0,
        0,
        106
    ],
    "AcquisitionMatrixPE": 106,
    "AcquisitionNumber": 1,
    "AcquisitionTime": "14:20:58.985000",
    "BandwidthPerPixelPhaseEncode": 13.873,
    "BaseResolution": 106,
    "BodyPartExamined": "BRAIN",
    "Columns": 848,
    "ConsistencyInfo": "N4_VE11C_LATEST_20160120",
    "ConversionSoftware": "dcm2niix",
    "ConversionSoftwareVersion": "v1.0.20201102",
    "DerivedVendorReportedEchoSpacing": 0.000680023,
    "DeviceSerialNumber": "166210",
    "EchoTime": 0.03,
    "EchoTrainLength": 80,
    "EffectiveEchoSpacing": 0.000680023,
    "FlipAngle": 64,
    "ImageComments": "Unaliased MB4/PE3/LB",
    "ImageOrientationPatientDICOM": [
        0.995831,
        0.0787309,
        0.0460726,
        -0.0663176,
        0.971641,
        -0.22697
    ],
    "ImageType": [
        "ORIGINAL",
        "PRIMARY",
        "M",
        "MB",
        "ND",
        "NORM",
        "MOSAIC"
    ],
    "ImagingFrequency": 123.262,
    "InPlanePhaseEncodingDirection": "COL",
    "InPlanePhaseEncodingDirectionDICOM": "COL",
    "InstitutionAddress": "West Stevens Way NE 3751,Seattle, WA,District,US,98195",
    "InstitutionName": "UW Center for Human Neuroscience",
    "IntendedFor": [
        "ses-02/func/sub-05_ses-02_task-fixedbar_run-01_bold.nii.gz",
        "ses-02/func/sub-05_ses-02_task-fixedbar_run-02_bold.nii.gz",
        "ses-02/func/sub-05_ses-02_task-fixedbar_run-03_bold.nii.gz",
        "ses-02/func/sub-05_ses-02_task-logbar_run-01_bold.nii.gz",
        "ses-02/func/sub-05_ses-02_task-logbar_run-02_bold.nii.gz",
        "ses-02/func/sub-05_ses-02_task-logbar_run-03_bold.nii.gz"
    ],
    "MRAcquisitionType": "2D",
    "MagneticFieldStrength": 3,
    "Manufacturer": "Siemens",
    "ManufacturersModelName": "Prisma",
    "Modality": "MR",
    "MultibandAccelerationFactor": 4,
    "PartialFourier": 0.75,
    "PatientPosition": "HFS",
    "PercentPhaseFOV": 100,
    "PercentPhaseFieldOfView": 100,
    "PercentSampling": 100,
    "PhaseEncodingDirection": "j",
    "PhaseEncodingSteps": 80,
    "PhaseResolution": 1,
    "PixelBandwidth": 1815,
    "PixelSpacing": [
        2,
        2
    ],
    "ProcedureStepDescription": "Chang^RetDist^ses-02",
    "ProtocolName": "fmap-epi_acq-opphase_dir-PA",
    "PulseSequenceDetails": "%CustomerSeq%\\cmrr_mbep2d_bold",
    "ReceiveCoilActiveElements": "HC1-7",
    "ReceiveCoilName": "HeadNeck_64",
    "ReconMatrixPE": 106,
    "RepetitionTime": 1.2,
    "Rows": 848,
    "SAR": 0.0414202,
    "ScanOptions": "PFP\\FS",
    "ScanningSequence": "EP",
    "SequenceName": "epfid2d1_106",
    "SequenceVariant": "SK\\SS",
    "SeriesDescription": "fmap-epi_acq-opphase_dir-PA",
    "SeriesNumber": 6,
    "ShimSetting": [
        7926,
        -1942,
        -2152,
        532,
        -46,
        -179,
        -50,
        38
    ],
    "SliceThickness": 2,
    "SliceTiming": [
        0,
        0.255,
        0.5075,
        0.76,
        1.0125,
        0.085,
        0.3375,
        0.59,
        0.845,
        1.0975,
        0.17,
        0.4225,
        0.675,
        0.9275,
        0,
        0.255,
        0.5075,
        0.76,
        1.0125,
        0.085,
        0.3375,
        0.59,
        0.845,
        1.0975,
        0.17,
        0.4225,
        0.675,
        0.9275,
        0,
        0.255,
        0.5075,
        0.76,
        1.0125,
        0.085,
        0.3375,
        0.59,
        0.845,
        1.0975,
        0.17,
        0.4225,
        0.675,
        0.9275,
        0,
        0.255,
        0.5075,
        0.76,
        1.0125,
        0.085,
        0.3375,
        0.59,
        0.845,
        1.0975,
        0.17,
        0.4225,
        0.675,
        0.9275
    ],
    "SoftwareVersions": "syngo MR E11",
    "SpacingBetweenSlices": 2.0000000189549,
    "StationName": "CHN-Prisma",
    "TotalReadoutTime": 0.0714024,
    "TxRefAmp": 267.684,
    "WipMemBlock": "0d9a5018-4ab7-4b72-ba5e-599ebb844262||Sequence: R016 ve11c/master r/e634e98; Dec 19 2017 11:00:25 by eja"
}