{
    "AcquisitionMatrixPE": 300,
    "AcquisitionNumber": 1,
    "AcquisitionTime": "12:11:54.525000",
    "BaseResolution": 320,
    "BodyPartExamined": "BRAIN",
    "ConsistencyInfo": "N4_VE11C_LATEST_20160120",
    "ConversionSoftware": "dcm2niix",
    "ConversionSoftwareVersion": "v1.0.20201102",
    "DeviceSerialNumber": "166210",
    "EchoTime": 0.00181,
    "FlipAngle": 8,
    "ImageOrientationPatientDICOM": [
        -0.00994732,
        0.925059,
        -0.379694,
        -0.0187676,
        -0.379819,
        -0.92487
    ],
    "ImageType": [
        "ORIGINAL",
        "PRIMARY",
        "OTHER",
        "ND",
        "NORM",
        "MEAN"
    ],
    "ImagingFrequency": 123.262,
    "InPlanePhaseEncodingDirectionDICOM": "ROW",
    "InstitutionAddress": "West Stevens Way NE 3751,Seattle, WA,District,US,98195",
    "InstitutionName": "UW Center for Human Neuroscience",
    "InversionTime": 1,
    "MRAcquisitionType": "3D",
    "MagneticFieldStrength": 3,
    "Manufacturer": "Siemens",
    "ManufacturersModelName": "Prisma",
    "Modality": "MR",
    "NumberOfAverages": 4,
    "ParallelReductionFactorInPlane": 2,
    "PartialFourier": 1,
    "PatientPosition": "HFS",
    "PercentPhaseFOV": 93.75,
    "PercentSampling": 100,
    "PhaseEncodingSteps": 299,
    "PhaseResolution": 1,
    "PixelBandwidth": 745,
    "ProcedureStepDescription": "Chang^RetDist^ses-01",
    "ProtocolName": "anat-T1w_acq-MEMPRvNav",
    "PulseSequenceDetails": "%CustomerSeq%\\tfl_mgh_epinav_ABCD",
    "ReceiveCoilActiveElements": "HC1-7;NC1,2",
    "ReceiveCoilName": "HeadNeck_64",
    "ReconMatrixPE": 300,
    "RefLinesPE": 32,
    "RepetitionTime": 2.5,
    "SAR": 0.0363609,
    "ScanOptions": "IR\\WE",
    "ScanningSequence": "GR\\IR",
    "SequenceName": "tfl3d4_16ns",
    "SequenceVariant": "SK\\SP\\MP",
    "SeriesDescription": "anat-T1w_acq-MEMPRvNav RMS",
    "SeriesNumber": 16,
    "ShimSetting": [
        7908,
        -2008,
        -2256,
        -156,
        -89,
        -393,
        79,
        -6
    ],
    "SliceThickness": 0.8,
    "SoftwareVersions": "syngo MR E11",
    "StationName": "CHN-Prisma",
    "TxRefAmp": 259.514,
    "WipMemBlock": "Prisma_epi_moco_navigator_ABCD_tfl.prot"
}