{
    "AcquisitionMatrixPE": 300,
    "AcquisitionNumber": 1,
    "AcquisitionTime": "11:05:2.512500",
    "BaseResolution": 320,
    "BodyPartExamined": "BRAIN",
    "ConsistencyInfo": "N4_VE11C_LATEST_20160120",
    "ConversionSoftware": "dcm2niix",
    "ConversionSoftwareVersion": "v1.0.20201102",
    "DeviceSerialNumber": "166210",
    "EchoTime": 0.00181,
    "FlipAngle": 8,
    "ImageOrientationPatientDICOM": [
        -0.0297202,
        0.895223,
        -0.444625,
        0.0221187,
        -0.444124,
        -0.895692
    ],
    "ImageType": [
        "ORIGINAL",
        "PRIMARY",
        "OTHER",
        "ND",
        "NORM",
        "MEAN"
    ],
    "ImagingFrequency": 123.262,
    "InPlanePhaseEncodingDirectionDICOM": "ROW",
    "InstitutionAddress": "West Stevens Way NE 3751,Seattle, WA,District,US,98195",
    "InstitutionName": "UW Center for Human Neuroscience",
    "InversionTime": 1,
    "MRAcquisitionType": "3D",
    "MagneticFieldStrength": 3,
    "Manufacturer": "Siemens",
    "ManufacturersModelName": "Prisma",
    "Modality": "MR",
    "NumberOfAverages": 4,
    "ParallelReductionFactorInPlane": 2,
    "PartialFourier": 1,
    "PatientPosition": "HFS",
    "PercentPhaseFOV": 93.75,
    "PercentSampling": 100,
    "PhaseEncodingSteps": 299,
    "PhaseResolution": 1,
    "PixelBandwidth": 745,
    "ProcedureStepDescription": "Chang^RetDist^ses-01",
    "ProtocolName": "anat-T1w_acq-MEMPRvNav",
    "PulseSequenceDetails": "%CustomerSeq%\\tfl_mgh_epinav_ABCD",
    "ReceiveCoilActiveElements": "HC1-7;NC1,2",
    "ReceiveCoilName": "HeadNeck_64",
    "ReconMatrixPE": 300,
    "RefLinesPE": 32,
    "RepetitionTime": 2.5,
    "SAR": 0.02726,
    "ScanOptions": "IR\\WE",
    "ScanningSequence": "GR\\IR",
    "SequenceName": "tfl3d4_16ns",
    "SequenceVariant": "SK\\SP\\MP",
    "SeriesDescription": "anat-T1w_acq-MEMPRvNav RMS",
    "SeriesNumber": 17,
    "ShimSetting": [
        7916,
        -2021,
        -2266,
        105,
        -62,
        -554,
        -25,
        -4
    ],
    "SliceThickness": 0.8,
    "SoftwareVersions": "syngo MR E11",
    "StationName": "CHN-Prisma",
    "TxRefAmp": 217.346,
    "WipMemBlock": "Prisma_epi_moco_navigator_ABCD_tfl.prot"
}